PATH
  remote: .
  specs:
    selenium-rc (2.39.0)
      selenium-client (>= 1.2.18)

GEM
  remote: http://rubygems.org/
  specs:
    diff-lcs (1.1.2)
    gem-release (0.0.16)
    lsof (0.3.0)
    rake (0.9.2.2)
    rr (1.0.2)
    rspec (2.5.0)
      rspec-core (~> 2.5.0)
      rspec-expectations (~> 2.5.0)
      rspec-mocks (~> 2.5.0)
    rspec-core (2.5.1)
    rspec-expectations (2.5.0)
      diff-lcs (~> 1.1.2)
    rspec-mocks (2.5.0)
    rubyzip (0.9.4)
    selenium-client (1.2.18)
    thor (0.14.6)

PLATFORMS
  ruby

DEPENDENCIES
  gem-release
  lsof
  rake
  rr
  rspec (>= 2.5.0)
  rubyzip
  selenium-rc!
  thor
